PATH
  remote: .
  specs:
    myfdb_utilities (0.0.2)
      getopt
      heroku
      multipart-post

GEM
  remote: http://rubygems.org/
  specs:
    configuration (1.1.0)
    fakeweb (1.3.0)
    getopt (1.4.0)
    heroku (1.10.4)
      json_pure (>= 1.2.0, < 1.5.0)
      launchy (~> 0.3.2)
      rest-client (~> 1.4.0)
    json_pure (1.4.6)
    launchy (0.3.7)
      configuration (>= 0.0.5)
      rake (>= 0.8.1)
    mime-types (1.16)
    mocha (0.9.8)
      rake
    multipart-post (1.0.1)
    rake (0.8.7)
    rest-client (1.4.2)
      mime-types (>= 1.16)
    rspec (1.3.0)

PLATFORMS
  ruby

DEPENDENCIES
  fakeweb
  getopt
  heroku
  mocha
  multipart-post
  myfdb_utilities!
  rake
  rspec
